PATH
  remote: .
  specs:
    geo-replysync (0.1.0)
      aes-everywhere
      faraday (~> 0.17.1)

GEM
  remote: https://rubygems.org/
  remote: https://rubygems.geosatelital.red/
  specs:
    aes-everywhere (1.2.5)
    diff-lcs (1.4.4)
    domain_name (0.5.20190701)
      unf (>= 0.0.5, < 1.0.0)
    faraday (0.17.3)
      multipart-post (>= 1.2, < 3)
    faraday_middleware (0.14.0)
      faraday (>= 0.7.4, < 1.0)
    gnext (1.0.18)
      faraday (~> 0.17.1)
      faraday_middleware
      http-cookie
      httparty (~> 0.18.0)
    http-cookie (1.0.3)
      domain_name (~> 0.5)
    httparty (0.18.1)
      mime-types (~> 3.0)
      multi_xml (>= 0.5.2)
    mime-types (3.3.1)
      mime-types-data (~> 3.2015)
    mime-types-data (3.2020.1104)
    multi_xml (0.6.0)
    multipart-post (2.1.1)
    rake (12.3.3)
    rspec (3.9.0)
      rspec-core (~> 3.9.0)
      rspec-expectations (~> 3.9.0)
      rspec-mocks (~> 3.9.0)
    rspec-core (3.9.2)
      rspec-support (~> 3.9.3)
    rspec-expectations (3.9.2)
      diff-lcs (>= 1.2.0, < 2.0)
      rspec-support (~> 3.9.0)
    rspec-mocks (3.9.1)
      diff-lcs (>= 1.2.0, < 2.0)
      rspec-support (~> 3.9.0)
    rspec-support (3.9.3)
    unf (0.1.4)
      unf_ext
    unf_ext (0.0.7.7)

PLATFORMS
  ruby
  x86_64-linux

DEPENDENCIES
  geo-replysync!
  gnext (= 1.0.18)!
  rake (~> 12.0)
  rspec (~> 3.0)

BUNDLED WITH
   2.2.0
